GIT
  remote: https://github.com/Stanislavcheg/Codebreaker
  revision: 4fef4241b3835b6ed3b8b817700d15bc30dfc583
  branch: test
  specs:
    codebreaker (0.1.0)

GEM
  remote: https://rubygems.org/
  specs:
    rack (2.0.3)

PLATFORMS
  ruby

DEPENDENCIES
  codebreaker!
  rack

RUBY VERSION
   ruby 2.4.1p111

BUNDLED WITH
   1.15.1
