GIT
  remote: https://github.com/Stanislavcheg/Codebreaker
  revision: 4fef4241b3835b6ed3b8b817700d15bc30dfc583
  branch: test
  specs:
    codebreaker (0.1.0)

GEM
  remote: https://rubygems.org/
  specs:
    diff-lcs (1.3)
    rack (2.0.3)
    rack-test (0.6.3)
      rack (>= 1.0)
    rspec (3.6.0)
      rspec-core (~> 3.6.0)
      rspec-expectations (~> 3.6.0)
      rspec-mocks (~> 3.6.0)
    rspec-core (3.6.0)
      rspec-support (~> 3.6.0)
    rspec-expectations (3.6.0)
      diff-lcs (>= 1.2.0, < 2.0)
      rspec-support (~> 3.6.0)
    rspec-mocks (3.6.0)
      diff-lcs (>= 1.2.0, < 2.0)
      rspec-support (~> 3.6.0)
    rspec-support (3.6.0)

PLATFORMS
  ruby

DEPENDENCIES
  codebreaker!
  rack
  rack-test
  rspec

RUBY VERSION
   ruby 2.4.1p111

BUNDLED WITH
   1.15.1
